GEM
  remote: https://rubygems.org/
  specs:
    addressable (2.8.0)
      public_suffix (>= 2.0.2, < 5.0)
    dbm (1.1.0)
    ethon (0.14.0)
      ffi (>= 1.15.0)
    ffi (1.15.4)
    nio4r (2.5.8)
    nokogiri (1.12.4-x86_64-linux)
      racc (~> 1.4)
    public_suffix (4.0.6)
    puma (5.5.0)
      nio4r (~> 2.0)
    racc (1.5.2)
    rack (2.2.3)
    roda (3.48.0)
      rack
    typhoeus (1.4.0)
      ethon (>= 0.9.0)

PLATFORMS
  x86_64-linux

DEPENDENCIES
  addressable
  dbm
  nokogiri
  puma
  roda
  typhoeus

RUBY VERSION
   ruby 2.7.2p137

BUNDLED WITH
   2.2.3
